GIT
  remote: git://github.com/alexch/rerun.git
  revision: 3e4c486304be406cb86180ef70ec24e9ae055ce4
  specs:
    rerun (0.11.0)
      listen (~> 3.0)

GEM
  remote: https://rubygems.org/
  specs:
    backports (3.8.0)
    coffee-script (2.4.1)
      coffee-script-source
      execjs
    coffee-script-source (1.12.2)
    concurrent-ruby (1.0.5)
    execjs (2.7.0)
    ffi (1.9.18)
    graphql (1.6.6)
    graphql-batch (0.3.4)
      graphql (>= 0.8, < 2)
      promise.rb (~> 0.7.2)
    haml (5.0.2)
      temple (>= 0.8.0)
      tilt
    listen (3.1.5)
      rb-fsevent (~> 0.9, >= 0.9.4)
      rb-inotify (~> 0.9, >= 0.9.7)
      ruby_dep (~> 1.2)
    multi_json (1.12.1)
    mustermann (1.0.0)
    oj (3.0.10)
    promise.rb (0.7.3)
    puma (3.9.1)
    rack (2.0.3)
    rack-protection (2.0.0)
      rack
    rb-fsevent (0.10.2)
    rb-inotify (0.9.10)
      ffi (>= 0.5.0, < 2)
    redcarpet (3.4.0)
    ruby_dep (1.5.0)
    sass (3.5.1)
      sass-listen (~> 4.0.0)
    sass-listen (4.0.0)
      rb-fsevent (~> 0.9, >= 0.9.4)
      rb-inotify (~> 0.9, >= 0.9.7)
    sequel (4.49.0)
    sinatra (2.0.0)
      mustermann (~> 1.0)
      rack (~> 2.0)
      rack-protection (= 2.0.0)
      tilt (~> 2.0)
    sinatra-contrib (2.0.0)
      backports (>= 2.0)
      multi_json
      mustermann (~> 1.0)
      rack-protection (= 2.0.0)
      sinatra (= 2.0.0)
      tilt (>= 1.3, < 3)
    sprockets (3.7.1)
      concurrent-ruby (~> 1.0)
      rack (> 1, < 3)
    sprockets-helpers (1.2.1)
      sprockets (>= 2.2)
    sqlite3 (1.3.13)
    temple (0.8.0)
    tilt (2.0.8)
    uglifier (3.2.0)
      execjs (>= 0.3.0, < 3)

PLATFORMS
  ruby

DEPENDENCIES
  coffee-script
  graphql
  graphql-batch
  haml
  oj
  puma
  redcarpet
  rerun!
  sass
  sequel
  sinatra
  sinatra-contrib
  sprockets
  sprockets-helpers
  sqlite3
  uglifier

BUNDLED WITH
   1.14.6
